PATH
  remote: .
  specs:
    trending_stocks (0.1.0)

GEM
  remote: https://rubygems.org/
  specs:
    coderay (1.1.3)
    date (3.2.2)
    method_source (1.0.0)
    nokogiri (1.13.3-x86_64-linux)
      racc (~> 1.4)
    open-uri (0.2.0)
      stringio
      time
      uri
    pry (0.14.1)
      coderay (~> 1.1)
      method_source (~> 1.0)
    racc (1.6.0)
    rake (10.5.0)
    stringio (3.0.1)
    terminal-table (3.0.2)
      unicode-display_width (>= 1.1.1, < 3)
    time (0.2.0)
      date
    unicode-display_width (2.1.0)
    uri (0.11.0)

PLATFORMS
  x86_64-linux

DEPENDENCIES
  bundler (~> 2.0)
  nokogiri
  open-uri
  pry
  rake (~> 10.0)
  terminal-table
  trending_stocks!

BUNDLED WITH
   2.2.20
